PATH
  remote: .
  specs:
    photo-cook (1.0.1)
      mini_magick (~> 4.0)
      rack (~> 1.5)

GEM
  remote: https://rubygems.org/
  specs:
    mini_magick (4.1.0)
    rack (1.6.4)

PLATFORMS
  ruby

DEPENDENCIES
  mini_magick
  photo-cook!
